GEM
  remote: http://rubygems.org/
  specs:
    nokogiri (1.4.1)

PLATFORMS
  ruby

DEPENDENCIES
  nokogiri (= 1.4.1)
